GEM
  remote: http://rubygems.org/
  specs:
    Platform (0.4.0)
    ecology (0.0.14)
      erubis
      multi_json
    erubis (2.7.0)
    json (1.6.6)
    minitest (2.12.1)
    multi_json (1.3.2)
    open4 (1.3.0)
    popen4 (0.1.2)
      Platform (>= 0.4.0)
      open4 (>= 0.4.0)
    rake (0.8.7)
    scope (0.2.3)
      minitest
    simplecov (0.6.2)
      multi_json (~> 1.3)
      simplecov-html (~> 0.5.3)
    simplecov-html (0.5.3)

PLATFORMS
  ruby

DEPENDENCIES
  ecology
  json
  popen4
  rake
  scope
  simplecov
