GEM
  remote: http://rubygems.org/
  specs:
    Platform (0.4.0)
    ecology (0.0.18)
      erubis
      multi_json
    erubis (2.7.0)
    faraday (0.8.1)
      multipart-post (~> 1.1)
    json (1.7.3)
    minitest (3.2.0)
    multi_json (1.3.6)
    multipart-post (1.1.5)
    open4 (1.3.0)
    popen4 (0.1.2)
      Platform (>= 0.4.0)
      open4 (>= 0.4.0)
    rake (0.9.2.2)
    scope (0.2.3)
      minitest
    simplecov (0.6.4)
      multi_json (~> 1.0)
      simplecov-html (~> 0.5.3)
    simplecov-html (0.5.3)

PLATFORMS
  ruby

DEPENDENCIES
  ecology
  faraday
  json
  popen4
  rake
  scope
  simplecov
