GEM
  remote: http://rubygems.org/
  specs:
    json (1.6.6)
    minitest (2.12.1)
    multi_json (1.3.2)
    rake (0.8.7)
    scope (0.2.3)
      minitest
    simplecov (0.6.2)
      multi_json (~> 1.3)
      simplecov-html (~> 0.5.3)
    simplecov-html (0.5.3)

PLATFORMS
  ruby

DEPENDENCIES
  json
  rake
  scope
  simplecov
