GEM
  remote: http://rubygems.org/
  specs:
    json (1.6.6)
    minitest (2.12.1)
    scope (0.2.3)
      minitest

PLATFORMS
  ruby

DEPENDENCIES
  json
  scope
